GEM
  remote: https://rubygems.org/
  specs:
    sass (3.4.9)

PLATFORMS
  ruby

DEPENDENCIES
  sass (= 3.4.9)

BUNDLED WITH
   1.12.5
